GEM
  remote: https://rubygems.org/
  specs:
    power_assert (0.4.1)
    rake (12.1.0)
    test-unit (3.2.6)
      power_assert

PLATFORMS
  ruby

DEPENDENCIES
  rake (~> 12.1)
  test-unit (~> 3.2, >= 3.2.6)

BUNDLED WITH
   1.15.4
